PATH
  remote: .
  specs:
    sitecore_scan (0.0.2)
      logger (~> 1.4)

GEM
  remote: https://rubygems.org/
  specs:
    logger (1.4.4)

PLATFORMS
  ruby

DEPENDENCIES
  sitecore_scan!

BUNDLED WITH
   1.17.3
